GIT
  remote: https://github.com/openaustralia/scraperwiki-ruby.git
  revision: fc50176812505e463077d5c673d504a6a234aa78
  branch: morph_defaults
  specs:
    scraperwiki (3.0.1)
      httpclient
      sqlite_magic

GEM
  remote: https://rubygems.org/
  specs:
    activesupport (5.2.4.3)
      concurrent-ruby (~> 1.0, >= 1.0.2)
      i18n (>= 0.7, < 2)
      minitest (~> 5.1)
      tzinfo (~> 1.1)
    coderay (1.1.2)
    concurrent-ruby (1.1.6)
    dotenv (2.2.1)
    faraday (0.13.1)
      multipart-post (>= 1.2, < 3)
    faraday_middleware (0.12.2)
      faraday (>= 0.7.4, < 1.0)
    gli (2.17.0)
    hashie (3.5.6)
    httpclient (2.8.3)
    i18n (1.8.2)
      concurrent-ruby (~> 1.0)
    json (2.1.0)
    method_source (0.9.0)
    minitest (5.14.1)
    multi_json (1.12.2)
    multipart-post (2.0.0)
    picky (4.31.3)
      activesupport
      multi_json (~> 1.3)
      rack_fast_escape (~> 2009.0)
    pry (0.11.2)
      coderay (~> 1.1.0)
      method_source (~> 0.9.0)
    rack_fast_escape (2009.06.24)
      url_escape
    slack-ruby-client (0.10.0)
      activesupport
      faraday (>= 0.9)
      faraday_middleware
      gli
      hashie
      json
      websocket-driver
    sqlite3 (1.3.13)
    sqlite_magic (0.0.6)
      sqlite3
    thread_safe (0.3.6)
    tzinfo (1.2.7)
      thread_safe (~> 0.1)
    url_escape (2009.06.24)
    websocket-driver (0.7.0)
      websocket-extensions (>= 0.1.0)
    websocket-extensions (0.1.2)

PLATFORMS
  ruby

DEPENDENCIES
  dotenv
  picky
  pry
  scraperwiki!
  slack-ruby-client

RUBY VERSION
   ruby 2.4.2p198

BUNDLED WITH
   1.15.4
