GIT
  remote: https://github.com/openaustralia/scraperwiki-ruby.git
  revision: fc50176812505e463077d5c673d504a6a234aa78
  branch: morph_defaults
  specs:
    scraperwiki (3.0.1)
      httpclient
      sqlite_magic

GEM
  remote: https://rubygems.org/
  specs:
    base64 (0.2.0)
    byebug (11.1.3)
    coderay (1.1.3)
    coolline (0.5.0)
      unicode_utils (~> 1.4)
    faraday (2.7.12)
      base64
      faraday-net_http (>= 2.0, < 3.1)
      ruby2_keywords (>= 0.0.4)
    faraday-net_http (3.0.2)
    httpclient (2.8.3)
    method_source (1.0.0)
    pry (0.14.2)
      coderay (~> 1.1)
      method_source (~> 1.0)
    pry-byebug (3.10.1)
      byebug (~> 11.0)
      pry (>= 0.13, < 0.15)
    pry-coolline (0.2.6)
      coolline (~> 0.5)
      pry (~> 0.13)
    ruby2_keywords (0.0.5)
    sqlite3 (1.6.9-arm64-darwin)
    sqlite3 (1.6.9-x86_64-darwin)
    sqlite_magic (0.0.6)
      sqlite3
    unicode_utils (1.4.0)

PLATFORMS
  arm64-darwin-22
  x86_64-darwin-20
  x86_64-darwin-21

DEPENDENCIES
  faraday
  pry
  pry-byebug
  pry-coolline
  scraperwiki!

BUNDLED WITH
   2.3.15
