GIT
  remote: https://github.com/openaustralia/scraperwiki-ruby.git
  revision: fc50176812505e463077d5c673d504a6a234aa78
  branch: morph_defaults
  specs:
    scraperwiki (3.0.1)
      httpclient
      sqlite_magic

GEM
  remote: https://rubygems.org/
  specs:
    addressable (2.8.0)
      public_suffix (>= 2.0.2, < 5.0)
    byebug (11.1.3)
    coderay (1.1.3)
    faraday (2.3.0)
      faraday-net_http (~> 2.0)
      ruby2_keywords (>= 0.0.4)
    faraday-net_http (2.0.3)
    faraday-retry (2.0.0)
      faraday (~> 2.0)
    httpclient (2.8.3)
    method_source (1.0.0)
    netrc (0.11.0)
    octokit (4.25.0)
      faraday (>= 1, < 3)
      sawyer (~> 0.9)
    pry (0.13.1)
      coderay (~> 1.1)
      method_source (~> 1.0)
    pry-byebug (3.9.0)
      byebug (~> 11.0)
      pry (~> 0.13.0)
    public_suffix (4.0.7)
    ruby2_keywords (0.0.5)
    rufo (0.13.0)
    sawyer (0.9.2)
      addressable (>= 2.3.5)
      faraday (>= 0.17.3, < 3)
    sqlite3 (1.4.4)
    sqlite_magic (0.0.6)
      sqlite3

PLATFORMS
  x86_64-darwin-21

DEPENDENCIES
  faraday-retry
  netrc
  octokit
  pry
  pry-byebug
  rufo
  scraperwiki!

RUBY VERSION
   ruby 3.0.0p0

BUNDLED WITH
   2.3.15
